GIT
  remote: https://github.com/department-of-veterans-affairs/caseflow-commons
  revision: 57c515ce5d04ebd720a749a5c2bee1f83553be02
  ref: 57c515c
  specs:
    caseflow (0.1.5)
      aws-sdk (~> 2)
      bourbon
      d3-rails
      jquery-rails
      momentjs-rails
      neat
      us_web_design_standards

GIT
  remote: https://github.com/harrisj/us_web_design_standards_gem.git
  revision: a789c0a7b55d13f378fb3a0da675bcc687079ea3
  branch: rails-assets-fixes
  specs:
    us_web_design_standards (0.0.2)
      railties
      sass (~> 3.4)

GEM
  remote: https://rubygems.org/
  specs:
    actioncable (5.0.1)
      actionpack (= 5.0.1)
      nio4r (~> 1.2)
      websocket-driver (~> 0.6.1)
    actionmailer (5.0.1)
      actionpack (= 5.0.1)
      actionview (= 5.0.1)
      activejob (= 5.0.1)
      mail (~> 2.5, >= 2.5.4)
      rails-dom-testing (~> 2.0)
    actionpack (5.0.1)
      actionview (= 5.0.1)
      activesupport (= 5.0.1)
      rack (~> 2.0)
      rack-test (~> 0.6.3)
      rails-dom-testing (~> 2.0)
      rails-html-sanitizer (~> 1.0, >= 1.0.2)
    actionview (5.0.1)
      activesupport (= 5.0.1)
      builder (~> 3.1)
      erubis (~> 2.7.0)
      rails-dom-testing (~> 2.0)
      rails-html-sanitizer (~> 1.0, >= 1.0.2)
    activejob (5.0.1)
      activesupport (= 5.0.1)
      globalid (>= 0.3.6)
    activemodel (5.0.1)
      activesupport (= 5.0.1)
    activerecord (5.0.1)
      activemodel (= 5.0.1)
      activesupport (= 5.0.1)
      arel (~> 7.0)
    activesupport (5.0.1)
      concurrent-ruby (~> 1.0, >= 1.0.2)
      i18n (~> 0.7)
      minitest (~> 5.1)
      tzinfo (~> 1.1)
    addressable (2.5.0)
      public_suffix (~> 2.0, >= 2.0.2)
    arel (7.1.4)
    aws-sdk (2.6.42)
      aws-sdk-resources (= 2.6.42)
    aws-sdk-core (2.6.42)
      aws-sigv4 (~> 1.0)
      jmespath (~> 1.0)
    aws-sdk-resources (2.6.42)
      aws-sdk-core (= 2.6.42)
    aws-sigv4 (1.0.0)
    axlsx (2.0.1)
      htmlentities (~> 4.3.1)
      nokogiri (>= 1.4.1)
      rubyzip (~> 1.0.0)
    axlsx_rails (0.4.0)
      axlsx (>= 2.0.1)
      rails (>= 3.1)
    backports (3.8.0)
    bcrypt (3.1.11)
    bourbon (4.2.7)
      sass (~> 3.4)
      thor (~> 0.19)
    builder (3.2.2)
    business_time (0.9.2)
      activesupport (>= 3.2.0)
      tzinfo
    byebug (9.0.6)
    coderay (1.1.1)
    coffee-rails (4.2.1)
      coffee-script (>= 2.2.0)
      railties (>= 4.0.0, < 5.2.x)
    coffee-script (2.4.1)
      coffee-script-source
      execjs
    coffee-script-source (1.12.2)
    concurrent-ruby (1.0.3)
    connection_pool (2.2.1)
    d3-rails (4.3.0)
      railties (>= 3.1)
    debug_inspector (0.0.2)
    devise (4.2.0)
      bcrypt (~> 3.0)
      orm_adapter (~> 0.1)
      railties (>= 4.1.0, < 5.1)
      responders
      warden (~> 1.2.3)
    dotenv (2.1.1)
    dotenv-rails (2.1.1)
      dotenv (= 2.1.1)
      railties (>= 4.0, < 5.1)
    erubis (2.7.0)
    ethon (0.10.1)
      ffi (>= 1.3.0)
    execjs (2.7.0)
    faraday (0.9.2)
      multipart-post (>= 1.2, < 3)
    faraday_middleware (0.11.0.1)
      faraday (>= 0.7.4, < 1.0)
    ffi (1.9.14)
    foreman (0.82.0)
      thor (~> 0.19.1)
    gh (0.14.0)
      addressable
      backports
      faraday (~> 0.8)
      multi_json (~> 1.0)
      net-http-persistent (>= 2.7)
      net-http-pipeline
    globalid (0.3.7)
      activesupport (>= 4.1.0)
    haml (4.0.7)
      tilt
    hashie (3.4.6)
    highline (1.7.8)
    htmlentities (4.3.4)
    httparty (0.15.5)
      multi_xml (>= 0.5.2)
    i18n (0.7.0)
    jbuilder (2.6.1)
      activesupport (>= 3.0.0, < 5.1)
      multi_json (~> 1.2)
    jmespath (1.3.1)
    jquery-rails (4.2.1)
      rails-dom-testing (>= 1, < 3)
      railties (>= 4.2.0)
      thor (>= 0.14, < 2.0)
    json (2.1.0)
    jwt (1.5.6)
    launchy (2.4.3)
      addressable (~> 2.3)
    listen (3.1.5)
      rb-fsevent (~> 0.9, >= 0.9.4)
      rb-inotify (~> 0.9, >= 0.9.7)
      ruby_dep (~> 1.2)
    loofah (2.0.3)
      nokogiri (>= 1.5.9)
    mail (2.6.4)
      mime-types (>= 1.16, < 4)
    method_source (0.8.2)
    mime-types (3.1)
      mime-types-data (~> 3.2015)
    mime-types-data (3.2016.0521)
    mini_portile2 (2.1.0)
    minitest (5.10.1)
    momentjs-rails (2.15.1)
      railties (>= 3.1)
    multi_json (1.12.1)
    multi_xml (0.6.0)
    multipart-post (2.0.0)
    neat (1.8.0)
      sass (>= 3.3)
      thor (~> 0.19)
    net-http-persistent (3.0.0)
      connection_pool (~> 2.2)
    net-http-pipeline (1.0.1)
    nio4r (1.2.1)
    nokogiri (1.6.8.1)
      mini_portile2 (~> 2.1.0)
    oauth2 (1.2.0)
      faraday (>= 0.8, < 0.10)
      jwt (~> 1.0)
      multi_json (~> 1.3)
      multi_xml (~> 0.5)
      rack (>= 1.2, < 3)
    octokit (4.6.2)
      sawyer (~> 0.8.0, >= 0.5.3)
    omniauth (1.3.1)
      hashie (>= 1.2, < 4)
      rack (>= 1.0, < 3)
    omniauth-github (1.1.2)
      omniauth (~> 1.0)
      omniauth-oauth2 (~> 1.1)
    omniauth-oauth2 (1.4.0)
      oauth2 (~> 1.0)
      omniauth (~> 1.2)
    orm_adapter (0.5.0)
    pg (0.19.0)
    pry (0.10.4)
      coderay (~> 1.1.0)
      method_source (~> 0.8.1)
      slop (~> 3.4)
    public_suffix (2.0.4)
    puma (3.6.2)
    pusher-client (0.6.2)
      json
      websocket (~> 1.0)
    rack (2.0.1)
    rack-test (0.6.3)
      rack (>= 1.0)
    rails (5.0.1)
      actioncable (= 5.0.1)
      actionmailer (= 5.0.1)
      actionpack (= 5.0.1)
      actionview (= 5.0.1)
      activejob (= 5.0.1)
      activemodel (= 5.0.1)
      activerecord (= 5.0.1)
      activesupport (= 5.0.1)
      bundler (>= 1.3.0, < 2.0)
      railties (= 5.0.1)
      sprockets-rails (>= 2.0.0)
    rails-dom-testing (2.0.1)
      activesupport (>= 4.2.0, < 6.0)
      nokogiri (~> 1.6.0)
    rails-html-sanitizer (1.0.3)
      loofah (~> 2.0)
    railties (5.0.1)
      actionpack (= 5.0.1)
      activesupport (= 5.0.1)
      method_source
      rake (>= 0.8.7)
      thor (>= 0.18.1, < 2.0)
    rainbow (2.1.0)
    rake (12.0.0)
    rb-fsevent (0.9.8)
    rb-inotify (0.9.7)
      ffi (>= 0.5.0)
    react_on_rails (6.3.2)
      addressable
      connection_pool
      execjs (~> 2.5)
      foreman
      rails (>= 3.2)
      rainbow (~> 2.1)
    redis (3.3.2)
    responders (2.3.0)
      railties (>= 4.2.0, < 5.1)
    ruby_dep (1.5.0)
    rubyzip (1.0.0)
    sass (3.4.23)
    sass-rails (5.0.6)
      railties (>= 4.0.0, < 6)
      sass (~> 3.1)
      sprockets (>= 2.8, < 4.0)
      sprockets-rails (>= 2.0, < 4.0)
      tilt (>= 1.1, < 3)
    sawyer (0.8.1)
      addressable (>= 2.3.5, < 2.6)
      faraday (~> 0.8, < 1.0)
    slop (3.6.0)
    spring (2.0.0)
      activesupport (>= 4.2)
    spring-watcher-listen (2.0.1)
      listen (>= 2.7, < 4.0)
      spring (>= 1.2, < 3.0)
    sprockets (3.7.1)
      concurrent-ruby (~> 1.0)
      rack (> 1, < 3)
    sprockets-rails (3.2.0)
      actionpack (>= 4.0)
      activesupport (>= 4.0)
      sprockets (>= 3.0.0)
    thor (0.19.4)
    thread_safe (0.3.6)
    tilt (2.0.5)
    travis (1.8.8)
      backports
      faraday (~> 0.9)
      faraday_middleware (~> 0.9, >= 0.9.1)
      gh (~> 0.13)
      highline (~> 1.6)
      launchy (~> 2.1)
      pusher-client (~> 0.4)
      typhoeus (~> 0.6, >= 0.6.8)
    typhoeus (0.8.0)
      ethon (>= 0.8.0)
    tzinfo (1.2.10)
      thread_safe (~> 0.1)
    uglifier (3.0.4)
      execjs (>= 0.3.0, < 3)
    warden (1.2.6)
      rack (>= 1.0)
    web-console (3.4.0)
      actionview (>= 5.0)
      activemodel (>= 5.0)
      debug_inspector
      railties (>= 5.0)
    websocket (1.2.4)
    websocket-driver (0.6.4)
      websocket-extensions (>= 0.1.0)
    websocket-extensions (0.1.2)

PLATFORMS
  ruby

DEPENDENCIES
  axlsx (~> 2.0, >= 2.0.1)
  axlsx_rails (~> 0.4.0)
  business_time (~> 0.9.2)
  byebug
  caseflow!
  coffee-rails
  devise
  dotenv-rails
  haml
  httparty (~> 0.15.5)
  jbuilder (~> 2.5)
  jquery-rails
  listen
  multi_json
  octokit
  omniauth
  omniauth-github
  pg
  pry
  puma
  rack (~> 2.0, >= 2.0.1)
  rails
  react_on_rails
  redis
  sass-rails
  spring
  spring-watcher-listen
  travis (~> 1.8)
  tzinfo-data
  uglifier
  us_web_design_standards!
  web-console

RUBY VERSION
   ruby 2.2.5p319

BUNDLED WITH
   1.15.1
